PATH
  remote: .
  specs:
    bartender (0.5.0)
      yajl-ruby (= 1.1.0)

GEM
  remote: http://rubygems.org/
  specs:
    bourne (1.1.2)
      mocha (= 0.10.5)
    diff-lcs (1.1.3)
    metaclass (0.0.1)
    mocha (0.10.5)
      metaclass (~> 0.0.1)
    rake (0.9.2.2)
    rspec (2.9.0)
      rspec-core (~> 2.9.0)
      rspec-expectations (~> 2.9.0)
      rspec-mocks (~> 2.9.0)
    rspec-core (2.9.0)
    rspec-expectations (2.9.0)
      diff-lcs (~> 1.1.3)
    rspec-mocks (2.9.0)
    yajl-ruby (1.1.0)
    yard (0.7.5)

PLATFORMS
  ruby

DEPENDENCIES
  bartender!
  bourne (= 1.1.2)
  bundler (>= 1.1.0)
  rake (= 0.9.2.2)
  rspec (= 2.9.0)
  yard (= 0.7.5)
