PATH
  remote: .
  specs:
    bartender (0.6.0)
      multi_json (= 1.4.0)

GEM
  remote: http://rubygems.org/
  specs:
    bourne (1.3.0)
      mocha (= 0.13.0)
    diff-lcs (1.1.3)
    metaclass (0.0.1)
    mocha (0.13.0)
      metaclass (~> 0.0.1)
    multi_json (1.4.0)
    rake (10.0.2)
    rspec (2.12.0)
      rspec-core (~> 2.12.0)
      rspec-expectations (~> 2.12.0)
      rspec-mocks (~> 2.12.0)
    rspec-core (2.12.1)
    rspec-expectations (2.12.0)
      diff-lcs (~> 1.1.3)
    rspec-mocks (2.12.0)
    yard (0.8.3)

PLATFORMS
  ruby

DEPENDENCIES
  bartender!
  bourne (= 1.3.0)
  rake (= 10.0.2)
  rspec (= 2.12.0)
  yard (= 0.8.3)
