PATH
  remote: .
  specs:
    bartender (0.5.0)
      yajl-ruby (= 1.1.0)

GEM
  remote: http://rubygems.org/
  specs:
    bourne (1.2.0)
      mocha (= 0.12.3)
    diff-lcs (1.1.3)
    metaclass (0.0.1)
    mocha (0.12.3)
      metaclass (~> 0.0.1)
    rake (10.0.1)
    rspec (2.12.0)
      rspec-core (~> 2.12.0)
      rspec-expectations (~> 2.12.0)
      rspec-mocks (~> 2.12.0)
    rspec-core (2.12.0)
    rspec-expectations (2.12.0)
      diff-lcs (~> 1.1.3)
    rspec-mocks (2.12.0)
    yajl-ruby (1.1.0)
    yard (0.8.3)

PLATFORMS
  ruby

DEPENDENCIES
  bartender!
  bourne (= 1.2.0)
  bundler (= 1.2.1)
  rake (= 10.0.1)
  rspec (= 2.12.0)
  yard (= 0.8.3)
