PATH
  remote: .
  specs:
    bartender (0.1.0)
      yajl-ruby (>= 0.7.8)

GEM
  remote: http://rubygems.org/
  specs:
    bluecloth (2.0.9)
    bourne (1.0)
      mocha (= 0.9.8)
    diff-lcs (1.1.2)
    mocha (0.9.8)
      rake
    rake (0.8.7)
    rspec (2.3.0)
      rspec-core (~> 2.3.0)
      rspec-expectations (~> 2.3.0)
      rspec-mocks (~> 2.3.0)
    rspec-core (2.3.1)
    rspec-expectations (2.3.0)
      diff-lcs (~> 1.1.2)
    rspec-mocks (2.3.0)
    yajl-ruby (0.7.8)
    yard (0.6.3)

PLATFORMS
  ruby

DEPENDENCIES
  bartender!
  bluecloth (>= 2.0.9)
  bourne (>= 1.0.0)
  bundler (>= 1.0.0)
  mocha (>= 0.9.8)
  rspec (>= 2.3.0)
  yajl-ruby (>= 0.7.8)
  yard (>= 0.6.3)
