PATH
  remote: .
  specs:
    bartender (0.1.1)
      yajl-ruby (>= 0.8.1)

GEM
  remote: http://rubygems.org/
  specs:
    bluecloth (2.0.11)
    bourne (1.0)
      mocha (= 0.9.8)
    diff-lcs (1.1.2)
    mocha (0.9.8)
      rake
    rake (0.8.7)
    rspec (2.5.0)
      rspec-core (~> 2.5.0)
      rspec-expectations (~> 2.5.0)
      rspec-mocks (~> 2.5.0)
    rspec-core (2.5.1)
    rspec-expectations (2.5.0)
      diff-lcs (~> 1.1.2)
    rspec-mocks (2.5.0)
    yajl-ruby (0.8.1)
    yard (0.6.4)

PLATFORMS
  ruby

DEPENDENCIES
  bartender!
  bluecloth (>= 2.0.11)
  bourne (>= 1.0.0)
  bundler (>= 1.0.10)
  mocha (>= 0.9.8)
  rspec (>= 2.5.0)
  yard (>= 0.6.4)
