PATH
  remote: .
  specs:
    bartender (0.5.0)
      yajl-ruby (= 1.1.0)

GEM
  remote: http://rubygems.org/
  specs:
    bourne (1.0)
      mocha (= 0.9.8)
    diff-lcs (1.1.3)
    mocha (0.9.8)
      rake
    rake (0.9.2.2)
    rspec (2.8.0)
      rspec-core (~> 2.8.0)
      rspec-expectations (~> 2.8.0)
      rspec-mocks (~> 2.8.0)
    rspec-core (2.8.0)
    rspec-expectations (2.8.0)
      diff-lcs (~> 1.1.2)
    rspec-mocks (2.8.0)
    yajl-ruby (1.1.0)
    yard (0.7.5)

PLATFORMS
  ruby

DEPENDENCIES
  bartender!
  bourne (>= 1.0.0)
  bundler (>= 1.1.rc)
  rspec (>= 2.8.0)
  yard (>= 0.7.5)
