PATH
  remote: .
  specs:
    bartender (0.2.0)
      yajl-ruby (>= 0.8.2)

GEM
  remote: http://rubygems.org/
  specs:
    bluecloth (2.1.0)
    bourne (1.0)
      mocha (= 0.9.8)
    diff-lcs (1.1.2)
    mocha (0.9.8)
      rake
    rake (0.8.7)
    rspec (2.6.0)
      rspec-core (~> 2.6.0)
      rspec-expectations (~> 2.6.0)
      rspec-mocks (~> 2.6.0)
    rspec-core (2.6.0)
    rspec-expectations (2.6.0)
      diff-lcs (~> 1.1.2)
    rspec-mocks (2.6.0)
    yajl-ruby (0.8.2)
    yard (0.6.8)

PLATFORMS
  ruby

DEPENDENCIES
  bartender!
  bluecloth (>= 2.1.0)
  bourne (>= 1.0.0)
  bundler (>= 1.0.13)
  mocha (>= 0.9.8)
  rspec (>= 2.6.0)
  yard (>= 0.6.8)
