PATH
  remote: .
  specs:
    bartender (0.3.0)
      yajl-ruby (= 1.0.0)

GEM
  remote: http://rubygems.org/
  specs:
    bourne (1.0)
      mocha (= 0.9.8)
    diff-lcs (1.1.3)
    mocha (0.9.8)
      rake
    rake (0.8.7)
    rspec (2.7.0)
      rspec-core (~> 2.7.0)
      rspec-expectations (~> 2.7.0)
      rspec-mocks (~> 2.7.0)
    rspec-core (2.7.0)
    rspec-expectations (2.7.0)
      diff-lcs (~> 1.1.2)
    rspec-mocks (2.7.0)
    yajl-ruby (1.0.0)
    yard (0.7.3)

PLATFORMS
  ruby

DEPENDENCIES
  bartender!
  bourne (>= 1.0.0)
  bundler (>= 1.0.21)
  rspec (>= 2.7.0)
  yard (>= 0.7.3)
